GEM
  remote: https://rubygems.org/
  specs:
    ffi (1.4.0)
    listen (0.7.3)
    rb-fsevent (0.9.3)
    rb-inotify (0.9.0)
      ffi (>= 0.5.0)

PLATFORMS
  ruby

DEPENDENCIES
  listen (~> 0.7.3)
  rb-fsevent
  rb-inotify
  wdm
